PATH
  remote: .
  specs:
    identity-api-client (0.1.3)
      vertebrae (> 0.5)

GEM
  remote: https://rubygems.org/
  specs:
    activesupport (7.1.3.2)
      base64
      bigdecimal
      concurrent-ruby (~> 1.0, >= 1.0.2)
      connection_pool (>= 2.2.5)
      drb
      i18n (>= 1.6, < 2)
      minitest (>= 5.1)
      mutex_m
      tzinfo (~> 2.0)
    addressable (2.8.6)
      public_suffix (>= 2.0.2, < 6.0)
    ast (2.4.2)
    base64 (0.2.0)
    bigdecimal (3.1.6)
    builder (3.2.4)
    byebug (11.1.3)
    coderay (1.1.3)
    concurrent-ruby (1.2.3)
    connection_pool (2.4.1)
    crack (1.0.0)
      bigdecimal
      rexml
    descendants_tracker (0.0.4)
      thread_safe (~> 0.3, >= 0.3.1)
    diff-lcs (1.5.1)
    docile (1.4.0)
    drb (2.2.0)
      ruby2_keywords
    faraday (1.10.3)
      faraday-em_http (~> 1.0)
      faraday-em_synchrony (~> 1.0)
      faraday-excon (~> 1.1)
      faraday-httpclient (~> 1.0)
      faraday-multipart (~> 1.0)
      faraday-net_http (~> 1.0)
      faraday-net_http_persistent (~> 1.0)
      faraday-patron (~> 1.0)
      faraday-rack (~> 1.0)
      faraday-retry (~> 1.0)
      ruby2_keywords (>= 0.0.4)
    faraday-em_http (1.0.0)
    faraday-em_synchrony (1.0.0)
    faraday-excon (1.1.0)
    faraday-httpclient (1.0.1)
    faraday-multipart (1.0.4)
      multipart-post (~> 2)
    faraday-net_http (1.0.1)
    faraday-net_http_persistent (1.2.0)
    faraday-patron (1.0.0)
    faraday-rack (1.0.0)
    faraday-retry (1.0.3)
    faraday_middleware (1.2.0)
      faraday (~> 1.0)
    git (1.19.1)
      addressable (~> 2.8)
      rchardet (~> 1.8)
    github_api (0.19.0)
      addressable (~> 2.4)
      descendants_tracker (~> 0.0.4)
      faraday (>= 0.8, < 2)
      hashie (~> 3.5, >= 3.5.2)
      oauth2 (~> 1.0)
    hashdiff (1.1.0)
    hashie (3.6.0)
    highline (2.1.0)
    i18n (1.14.1)
      concurrent-ruby (~> 1.0)
    json (2.7.1)
    juwelier (2.4.9)
      builder
      bundler
      git
      github_api
      highline
      kamelcase (~> 0)
      nokogiri
      psych
      rake
      rdoc
      semver2
    jwt (2.8.1)
      base64
    kamelcase (0.0.2)
      semver2 (~> 3)
    language_server-protocol (3.17.0.3)
    method_source (1.0.0)
    mini_portile2 (2.8.5)
    minitest (5.22.2)
    multi_json (1.15.0)
    multi_xml (0.6.0)
    multipart-post (2.4.0)
    mutex_m (0.2.0)
    nokogiri (1.15.5)
      mini_portile2 (~> 2.8.2)
      racc (~> 1.4)
    oauth2 (1.4.11)
      faraday (>= 0.17.3, < 3.0)
      jwt (>= 1.0, < 3.0)
      multi_json (~> 1.3)
      multi_xml (~> 0.5)
      rack (>= 1.2, < 4)
    parallel (1.24.0)
    parser (3.3.0.5)
      ast (~> 2.4.1)
      racc
    prism (0.24.0)
    pry (0.14.2)
      coderay (~> 1.1)
      method_source (~> 1.0)
    pry-byebug (3.10.1)
      byebug (~> 11.0)
      pry (>= 0.13, < 0.15)
    psych (5.1.2)
      stringio
    public_suffix (5.0.4)
    racc (1.7.3)
    rack (3.0.9.1)
    rainbow (3.1.1)
    rake (13.1.0)
    rchardet (1.8.0)
    rdoc (6.6.2)
      psych (>= 4.0.0)
    regexp_parser (2.9.0)
    rexml (3.2.6)
    rspec (3.13.0)
      rspec-core (~> 3.13.0)
      rspec-expectations (~> 3.13.0)
      rspec-mocks (~> 3.13.0)
    rspec-core (3.13.0)
      rspec-support (~> 3.13.0)
    rspec-expectations (3.13.0)
      diff-lcs (>= 1.2.0, < 2.0)
      rspec-support (~> 3.13.0)
    rspec-mocks (3.13.0)
      diff-lcs (>= 1.2.0, < 2.0)
      rspec-support (~> 3.13.0)
    rspec-support (3.13.1)
    rspec_junit_formatter (0.6.0)
      rspec-core (>= 2, < 4, != 2.12.0)
    rubocop (1.61.0)
      json (~> 2.3)
      language_server-protocol (>= 3.17.0)
      parallel (~> 1.10)
      parser (>= 3.3.0.2)
      rainbow (>= 2.2.2, < 4.0)
      regexp_parser (>= 1.8, < 3.0)
      rexml (>= 3.2.5, < 4.0)
      rubocop-ast (>= 1.30.0, < 2.0)
      ruby-progressbar (~> 1.7)
      unicode-display_width (>= 2.4.0, < 3.0)
    rubocop-ast (1.31.0)
      parser (>= 3.3.0.4)
      prism (>= 0.24.0)
    ruby-progressbar (1.13.0)
    ruby2_keywords (0.0.5)
    semver2 (3.4.2)
    simplecov (0.22.0)
      docile (~> 1.1)
      simplecov-html (~> 0.11)
      simplecov_json_formatter (~> 0.1)
    simplecov-html (0.12.3)
    simplecov_json_formatter (0.1.4)
    stringio (3.1.0)
    thread_safe (0.3.6)
    tzinfo (2.0.6)
      concurrent-ruby (~> 1.0)
    unicode-display_width (2.5.0)
    vertebrae (0.8.0)
      activesupport (>= 5.1.4)
      faraday (~> 1)
      faraday_middleware (> 0.12.2)
      hashie (> 3.5.7)
    webmock (3.23.0)
      addressable (>= 2.8.0)
      crack (>= 0.3.2)
      hashdiff (>= 0.4.0, < 2.0.0)

PLATFORMS
  ruby

DEPENDENCIES
  bundler
  identity-api-client!
  juwelier
  pry (~> 0.10)
  pry-byebug (~> 3.4)
  rdoc (~> 6.2)
  rspec (~> 3.6)
  rspec_junit_formatter
  rubocop
  simplecov
  webmock (~> 3.0, >= 3.0.1)

BUNDLED WITH
   1.17.3
